GEM
  remote: https://rubygems.org/
  specs:
    aasm (5.2.0)
      concurrent-ruby (~> 1.0)
    ansi (1.5.0)
    builder (3.2.4)
    concurrent-ruby (1.1.9)
    minitest (5.14.4)
    minitest-reporters (1.4.3)
      ansi
      builder
      minitest (>= 5.0)
      ruby-progressbar
    rake (13.0.6)
    ruby-progressbar (1.11.0)

PLATFORMS
  ruby

DEPENDENCIES
  aasm
  minitest
  minitest-reporters
  rake

RUBY VERSION
   ruby 3.0.2p107

BUNDLED WITH
   2.2.28
